PATH
  remote: .
  specs:
    ffi-mapserver (0.0.1)
      ffi

GEM
  remote: https://rubygems.org/
  specs:
    ffi (1.9.3)
    rake (10.3.2)

PLATFORMS
  ruby

DEPENDENCIES
  bundler (~> 1.6)
  ffi-mapserver!
  rake
